GIT
  remote: http://github.com/sanger/lims-core.git
  revision: 8fca1bdeadbc117be8ed27b50fcf970a22c5a22d
  branch: master
  specs:
    lims-core (1.3.1)
      active_support
      aequitas
      bunny (= 0.9.0.pre4)
      facets (= 2.9.3)
      sequel
      state_machine
      uuid
      virtus (= 0.2.0)

GIT
  remote: http://github.com/sanger/psd_logger.git
  revision: dd2d634114df75b1d8535715c169a7fc99521389
  specs:
    psd_logger (0.1.6)

GIT
  remote: http://github.com/sinatra/sinatra.git
  revision: f8c038546109e33a6a263c82e9defe48c07ae3bd
  specs:
    sinatra (1.4.0)
      rack (~> 1.5, >= 1.5.2)
      rack-protection (~> 1.4)
      tilt (~> 1.3, >= 1.3.4)

PATH
  remote: .
  specs:
    lims-api (1.2.0)
      active_support
      bunny (= 0.9.0.pre4)
      json
      sequel
      state_machine

GEM
  remote: http://rubygems.org/
  specs:
    active_support (3.0.0)
      activesupport (= 3.0.0)
    activesupport (3.0.0)
    aequitas (0.0.2)
    amq-protocol (1.2.0)
    bond (0.4.3)
    bunny (0.9.0.pre4)
      amq-protocol (>= 1.0.1)
    coderay (1.0.9)
    columnize (0.3.6)
    debugger (1.3.3)
      columnize (>= 0.3.1)
      debugger-linecache (~> 1.1.1)
      debugger-ruby_core_source (~> 1.2.0)
    debugger-completion (1.0.0)
      bond (>= 0.4.2)
      debugger (~> 1.1)
    debugger-linecache (1.1.2)
      debugger-ruby_core_source (>= 1.1.1)
    debugger-pry (0.1.1)
      debugger (~> 1)
      pry (>= 0.9.9)
    debugger-ruby_core_source (1.2.0)
    diff-lcs (1.1.3)
    facets (2.9.3)
    github-markup (0.7.5)
    growl (1.0.3)
    guard (1.6.2)
      listen (>= 0.6.0)
      lumberjack (>= 1.0.2)
      pry (>= 0.9.10)
      terminal-table (>= 1.4.3)
      thor (>= 0.14.6)
    guard-bundler (1.0.0)
      bundler (~> 1.0)
      guard (~> 1.1)
    guard-rspec (1.2.1)
      guard (>= 1.1)
    guard-yard (2.0.1)
      guard (>= 1.1.0)
      yard (>= 0.7.0)
    hashdiff (0.0.6)
    json (1.7.7)
    listen (0.7.3)
    lumberjack (1.0.2)
    macaddr (1.6.1)
      systemu (~> 2.5.0)
    method_source (0.8.1)
    pry (0.9.12)
      coderay (~> 1.0.5)
      method_source (~> 0.8)
      slop (~> 3.4)
    rack (1.5.2)
    rack-protection (1.4.0)
      rack
    rack-test (0.6.2)
      rack (>= 1.0)
    rake (0.9.6)
    redcarpet (2.1.1)
    rspec (2.8.0)
      rspec-core (~> 2.8.0)
      rspec-expectations (~> 2.8.0)
      rspec-mocks (~> 2.8.0)
    rspec-core (2.8.0)
    rspec-expectations (2.8.0)
      diff-lcs (~> 1.1.2)
    rspec-mocks (2.8.0)
    sequel (3.45.0)
    shotgun (0.9)
      rack (>= 1.0)
    slop (3.4.3)
    sqlite3 (1.3.7)
    state_machine (1.1.2)
    systemu (2.5.2)
    terminal-table (1.4.5)
    thor (0.17.0)
    tilt (1.3.4)
    uuid (2.3.7)
      macaddr (~> 1.0)
    virtus (0.2.0)
    yard (0.8.5.2)
    yard-rspec (0.1)
      yard

PLATFORMS
  ruby

DEPENDENCIES
  activesupport (~> 3.0.0)
  debugger
  debugger-completion
  debugger-pry
  github-markup (~> 0.7.1)
  growl
  guard
  guard-bundler
  guard-rspec
  guard-yard
  hashdiff
  jdbc-mysql
  lims-api!
  lims-core (~> 1.3)!
  pry
  psd_logger!
  rack-test (~> 0.6.1)
  rake (~> 0.9.2)
  redcarpet (~> 2.1.0)
  rspec (~> 2.8.0)
  shotgun
  sinatra!
  sqlite3
  trinidad
  trinidad_daemon_extension
  yard (>= 0.7.0)
  yard-rspec (= 0.1)
